GEM
  remote: https://rubygems.org/
  specs:
    addressable (2.8.7)
      public_suffix (>= 2.0.2, < 7.0)
    ast (2.4.2)
<<<<<<< HEAD
    base64 (0.2.0)
=======
    bson (5.0.1)
>>>>>>> 4882c6753e9425447513e0dcfb875fb05f7c651a
    cgi (0.4.1)
    concurrent-ruby (1.3.4)
    connection_pool (2.4.1)
    date (3.3.4)
    domain_name (0.6.20240107)
    erb (4.0.3)
      cgi (>= 0.3.3)
    faker (3.5.1)
      i18n (>= 1.8.11, < 2)
    fileutils (1.7.3)
    http-cookie (1.0.7)
      domain_name (~> 0.5)
    i18n (1.14.6)
      concurrent-ruby (~> 1.0)
    json (2.7.5)
    language_server-protocol (3.17.0.3)
<<<<<<< HEAD
    logger (1.6.1)
    mechanize (2.12.2)
      addressable (~> 2.8)
      base64
      domain_name (~> 0.5, >= 0.5.20190701)
      http-cookie (~> 1.0, >= 1.0.3)
      mime-types (~> 3.3)
      net-http-digest_auth (~> 1.4, >= 1.4.1)
      net-http-persistent (>= 2.5.2, < 5.0.dev)
      nkf
      nokogiri (~> 1.11, >= 1.11.2)
      rubyntlm (~> 0.6, >= 0.6.3)
      webrick (~> 1.7)
      webrobots (~> 0.1.2)
    mime-types (3.6.0)
      logger
      mime-types-data (~> 3.2015)
    mime-types-data (3.2024.1001)
    net-http-digest_auth (1.4.1)
    net-http-persistent (4.0.4)
      connection_pool (~> 2.2)
    nkf (0.2.0)
=======
    mongo (2.21.0)
      bson (>= 4.14.1, < 6.0.0)
>>>>>>> 4882c6753e9425447513e0dcfb875fb05f7c651a
    nokogiri (1.16.7-arm64-darwin)
      racc (~> 1.4)
    nokogiri (1.16.7-x64-mingw-ucrt)
      racc (~> 1.4)
    open-uri (0.4.1)
      stringio
      time
      uri
    parallel (1.26.3)
    parser (3.3.5.1)
      ast (~> 2.4.1)
      racc
    public_suffix (6.0.1)
    racc (1.8.1)
    rainbow (3.1.1)
    regexp_parser (2.9.2)
    rubocop (1.68.0)
      json (~> 2.3)
      language_server-protocol (>= 3.17.0)
      parallel (~> 1.10)
      parser (>= 3.3.0.2)
      rainbow (>= 2.2.2, < 4.0)
      regexp_parser (>= 2.4, < 3.0)
      rubocop-ast (>= 1.32.2, < 2.0)
      ruby-progressbar (~> 1.7)
      unicode-display_width (>= 2.4.0, < 3.0)
    rubocop-ast (1.33.0)
      parser (>= 3.3.1.0)
    ruby-progressbar (1.13.0)
<<<<<<< HEAD
    rubyntlm (0.6.5)
      base64
    stringio (3.1.1)
    time (0.3.0)
      date
=======
    sqlite3 (2.2.0-arm64-darwin)
    sqlite3 (2.2.0-x64-mingw-ucrt)
>>>>>>> 4882c6753e9425447513e0dcfb875fb05f7c651a
    unicode-display_width (2.6.0)
    uri (0.13.1)
    webrick (1.9.0)
    webrobots (0.1.2)
    yaml (0.3.0)

PLATFORMS
  arm64-darwin-23
  x64-mingw-ucrt

DEPENDENCIES
  erb
  faker
  fileutils
  json
<<<<<<< HEAD
  logger
  mechanize
=======
  mongo
>>>>>>> 4882c6753e9425447513e0dcfb875fb05f7c651a
  nokogiri
  open-uri
  rubocop
  sqlite3
  yaml

BUNDLED WITH
   2.5.16
