GEM
  remote: https://rubygems.org/
  specs:
    bson (5.0.1)
    concurrent-ruby (1.3.4)
    faker (3.5.1)
      i18n (>= 1.8.11, < 2)
    i18n (1.14.6)
      concurrent-ruby (~> 1.0)
    mongo (2.21.0)
      bson (>= 4.14.1, < 6.0.0)
    sqlite3 (2.2.0-x64-mingw-ucrt)

PLATFORMS
  x64-mingw-ucrt

DEPENDENCIES
  faker (~> 3.5)
  mongo (~> 2.21)
  sqlite3 (~> 2.2)

BUNDLED WITH
   2.5.23
